PATH
  remote: .
  specs:
    superbear (0.1.0)
      net-ssh (~> 6.0)
      rspec (~> 3.0)

GEM
  remote: https://rubygems.org/
  specs:
    coderay (1.1.3)
    diff-lcs (1.5.0)
    method_source (1.0.0)
    net-ssh (6.1.0)
    open3 (0.1.1)
    pry (0.14.1)
      coderay (~> 1.1)
      method_source (~> 1.0)
    rake (13.0.6)
    rspec (3.12.0)
      rspec-core (~> 3.12.0)
      rspec-expectations (~> 3.12.0)
      rspec-mocks (~> 3.12.0)
    rspec-core (3.12.0)
      rspec-support (~> 3.12.0)
    rspec-expectations (3.12.0)
      diff-lcs (>= 1.2.0, < 2.0)
      rspec-support (~> 3.12.0)
    rspec-mocks (3.12.1)
      diff-lcs (>= 1.2.0, < 2.0)
      rspec-support (~> 3.12.0)
    rspec-support (3.12.0)

PLATFORMS
  ruby

DEPENDENCIES
  bundler (~> 2.0)
  open3
  pry
  rake
  superbear!

BUNDLED WITH
   2.1.4
