PATH
  remote: .
  specs:
    superbear (0.1.0)
      net-ssh (~> 6.0)

GEM
  remote: https://rubygems.org/
  specs:
    coderay (1.1.3)
    method_source (1.0.0)
    net-ssh (6.1.0)
    open3 (0.1.2)
    pry (0.14.2)
      coderay (~> 1.1)
      method_source (~> 1.0)
    rake (13.0.6)

PLATFORMS
  ruby

DEPENDENCIES
  bundler (~> 2.0)
  open3
  pry
  rake
  superbear!

BUNDLED WITH
   2.5.7
